NUGET
  remote: https://api.nuget.org/v3/index.json
    Costura.Fody (3.3.2)
      Fody (>= 3.3.5) - restriction: >= net40
    Fody (3.3.5)
    MSTest.TestAdapter (1.3.2) - restriction: >= net45
    MSTest.TestFramework (1.3.2) - restriction: >= net45
